PATH
  remote: /Users/renatoalves/Sites/gamejam-roulette
  specs:
    gamejam-roulette (1.8.0)

GEM
  remote: https://rubygems.org/
  specs:
    ProMotion (2.0.1)
      methadone (~> 1.4)
    methadone (1.7.0)
      bundler
    rake (10.3.2)
    ruby_motion_query (0.7.1)

PLATFORMS
  ruby

DEPENDENCIES
  ProMotion (~> 2.0)
  gamejam-roulette!
  rake
  ruby_motion_query (~> 0.6)
