GIT
  remote: git://github.com/renatodex/gamejam-roulette.git
  revision: 7e6a8bbe2da95c50d7a713f18fd4b95eebb9c0e7
  tag: 1.6
  specs:
    gamejam-roulette (1.5.0)

GEM
  remote: https://rubygems.org/
  specs:
    ProMotion (2.0.1)
      methadone (~> 1.4)
    methadone (1.7.0)
      bundler
    rake (10.3.2)
    ruby_motion_query (0.7.1)
    sugarcube (1.7.0)

PLATFORMS
  ruby

DEPENDENCIES
  ProMotion (~> 2.0)
  gamejam-roulette!
  rake
  ruby_motion_query (~> 0.6)
  sugarcube (~> 1.6)
